GEM
  remote: https://rubygems.org/
  specs:
    minitest (5.20.0)

PLATFORMS
  x86-mingw32

DEPENDENCIES
  minitest (~> 5.8, >= 5.8.4)

BUNDLED WITH
   2.5.3
